GIT
  remote: https://github.com/temochka/n1ql
  revision: 9ce6ebe657ebe175a7587c8e9afbf27d96f506a5
  specs:
    n1ql (0.1.0)
      parslet (~> 1.8)

PATH
  remote: .
  specs:
    couchbase_lite (0.1.0)
      ffi (>= 1.9, < 2.0)

GEM
  remote: https://rubygems.org/
  specs:
    diff-lcs (1.3)
    ffi (1.9.23)
    parslet (1.8.2)
    rake (10.5.0)
    rspec (3.7.0)
      rspec-core (~> 3.7.0)
      rspec-expectations (~> 3.7.0)
      rspec-mocks (~> 3.7.0)
    rspec-core (3.7.1)
      rspec-support (~> 3.7.0)
    rspec-expectations (3.7.0)
      diff-lcs (>= 1.2.0, < 2.0)
      rspec-support (~> 3.7.0)
    rspec-mocks (3.7.0)
      diff-lcs (>= 1.2.0, < 2.0)
      rspec-support (~> 3.7.0)
    rspec-support (3.7.1)

PLATFORMS
  ruby

DEPENDENCIES
  bundler (~> 1.16)
  couchbase_lite!
  n1ql!
  rake (~> 10.0)
  rspec (~> 3.0)

BUNDLED WITH
   1.16.1
