GIT
  remote: https://github.com/temochka/n1ql
  revision: 9ce6ebe657ebe175a7587c8e9afbf27d96f506a5
  specs:
    n1ql (0.1.0)
      parslet (~> 1.8)

PATH
  remote: .
  specs:
    couchbase_lite (0.1.0)
      ffi (>= 1.9, < 2.0)

GEM
  remote: https://rubygems.org/
  specs:
    daemons (1.2.6)
    diff-lcs (1.3)
    eventmachine (1.2.7)
    faye-websocket (0.10.7)
      eventmachine (>= 0.12.0)
      websocket-driver (>= 0.5.1)
    ffi (1.9.23)
    parslet (1.8.2)
    rack (2.0.5)
    rake (10.5.0)
    rspec (3.7.0)
      rspec-core (~> 3.7.0)
      rspec-expectations (~> 3.7.0)
      rspec-mocks (~> 3.7.0)
    rspec-core (3.7.1)
      rspec-support (~> 3.7.0)
    rspec-expectations (3.7.0)
      diff-lcs (>= 1.2.0, < 2.0)
      rspec-support (~> 3.7.0)
    rspec-mocks (3.7.0)
      diff-lcs (>= 1.2.0, < 2.0)
      rspec-support (~> 3.7.0)
    rspec-support (3.7.1)
    thin (1.7.2)
      daemons (~> 1.0, >= 1.0.9)
      eventmachine (~> 1.0, >= 1.0.4)
      rack (>= 1, < 3)
    websocket-driver (0.7.0)
      websocket-extensions (>= 0.1.0)
    websocket-extensions (0.1.3)

PLATFORMS
  ruby

DEPENDENCIES
  bundler (~> 1.16)
  couchbase_lite!
  faye-websocket (~> 0.10.0)
  n1ql!
  rake (~> 10.0)
  rspec (~> 3.0)
  thin (~> 1.7.0)

BUNDLED WITH
   1.16.1
